GEM
  remote: https://www.rubygems.org/
  specs:
    appium_lib (10.4.0)
      appium_lib_core (~> 3.2)
      nokogiri (~> 1.8, >= 1.8.1)
      tomlrb (~> 1.1)
    appium_lib_core (3.2.2)
      faye-websocket (~> 0.10.0)
      selenium-webdriver (~> 3.14, >= 3.14.1)
    builder (3.2.3)
    childprocess (1.0.1)
      rake (< 13.0)
    cucumber (2.1.0)
      builder (>= 2.1.2)
      cucumber-core (~> 1.3.0)
      diff-lcs (>= 1.1.3)
      gherkin3 (~> 3.1.0)
      multi_json (>= 1.7.5, < 2.0)
      multi_test (>= 0.1.2)
    cucumber-core (1.3.1)
      gherkin3 (~> 3.1.0)
    diff-lcs (1.3)
    eventmachine (1.2.7)
    faye-websocket (0.10.9)
      eventmachine (>= 0.12.0)
      websocket-driver (>= 0.5.1)
    gherkin (5.1.0)
    gherkin3 (3.1.2)
    mini_portile2 (2.8.0)
    multi_json (1.13.1)
    multi_test (0.1.2)
    nokogiri (1.13.4)
      mini_portile2 (~> 2.8.0)
      racc (~> 1.4)
    power_assert (1.1.5)
    racc (1.6.0)
    rake (12.3.3)
    rspec-expectations (3.7.0)
      diff-lcs (>= 1.2.0, < 2.0)
      rspec-support (~> 3.7.0)
    rspec-support (3.7.1)
    rubyzip (1.2.3)
    selenium-webdriver (3.142.3)
      childprocess (>= 0.5, < 2.0)
      rubyzip (~> 1.2, >= 1.2.2)
    test-unit (3.1.5)
      power_assert
    tomlrb (1.2.8)
    websocket-driver (0.7.1)
      websocket-extensions (>= 0.1.0)
    websocket-extensions (0.1.4)

PLATFORMS
  ruby

DEPENDENCIES
  appium_lib (~> 10.4.0)
  cucumber (= 2.1.0)
  gherkin
  rspec-expectations (= 3.7.0)
  test-unit (= 3.1.5)

BUNDLED WITH
   2.0.2
